GEM
  remote: https://rubygems.org/
  specs:
    imageruby (0.2.1)
    imageruby-bmp (0.1.0)
    mini_magick (3.6.0)
      subexec (~> 0.2.1)
    rake (10.0.4)
    subexec (0.2.3)

PLATFORMS
  ruby

DEPENDENCIES
  imageruby
  imageruby-bmp
  mini_magick
  rake
